GEM
  remote: https://rubygems.org/
  specs:
    rulers (0.1.0)

PLATFORMS
  ruby

DEPENDENCIES
  rulers

BUNDLED WITH
   1.11.2
